GIT
  remote: git://github.com/awestruct/awestruct.git
  revision: 9ef551bffe5c17c92a106c473951563e19a55280
  specs:
    awestruct (0.5.0)
      bootstrap-sass (~> 2.3.0.1)
      compass (~> 0.12.1)
      compass-960-plugin (~> 0.10.4)
      git (~> 1.2.5)
      json (~> 1.7.7)
      listen (~> 0.5.0)
      nokogiri (~> 1.5.6)
      rack (~> 1.5.2)
      rest-client (~> 1.6.7)
      ruby-s3cmd (~> 0.1.5)
      tilt (~> 1.3.4)

GEM
  remote: https://rubygems.org/
  specs:
    asciidoctor (0.1.1)
    bootstrap-sass (2.3.0.1)
      sass (~> 3.2)
    chunky_png (1.2.7)
    compass (0.12.2)
      chunky_png (~> 1.2)
      fssm (>= 0.2.7)
      sass (~> 3.1)
    compass-960-plugin (0.10.4)
      compass (>= 0.10.0)
    ffi (1.6.0)
    fssm (0.2.10)
    git (1.2.5)
    haml (4.0.1)
      tilt
    json (1.7.7)
    listen (0.5.3)
    mime-types (1.21)
    nokogiri (1.5.9)
    rack (1.5.2)
    rake (10.0.4)
    rb-inotify (0.8.8)
      ffi (>= 0.5.0)
    rdiscount (2.0.7.1)
    rest-client (1.6.7)
      mime-types (>= 1.16)
    ruby-s3cmd (0.1.5)
    sass (3.2.7)
    tilt (1.3.6)
    yard (0.7.5)

PLATFORMS
  ruby

DEPENDENCIES
  asciidoctor (~> 0.1.1)
  awestruct!
  haml (~> 4.0.0)
  kramdown (~> 1.0.1)
  rake (~> 10.0.0)
  rb-inotify (~> 0.8.8)
  rdiscount (~> 2.0.7)
  yard (~> 0.7.5)
