GIT
  remote: git://github.com/awestruct/awestruct.git
  revision: 4f94e05b0b35bcf618e17d9b1bd240978fa1f695
  specs:
    awestruct (0.5.4.rc3)
      bootstrap-sass (>= 2.3.1.0)
      compass (>= 0.12.1)
      compass-960-plugin (~> 0.10.4)
      haml (~> 4.0.1)
      listen (~> 1.0)
      mime-types (= 1.25)
      nokogiri (= 1.5.10)
      rack (~> 1.5.2)
      rest-client (>= 1.6.7)
      ruby-s3cmd (~> 0.1.5)
      tilt (>= 1.3.5, < 2.0)
      zurb-foundation (>= 4.0.9, < 5.0)

GEM
  remote: https://rubygems.org/
  specs:
    POpen4 (0.1.4)
      Platform (>= 0.4.0)
      open4
    Platform (0.4.0)
    asciidoctor (1.5.2)
    bootstrap-sass (2.3.2.2)
      sass (~> 3.2)
    chunky_png (1.2.9)
    coffee-script (2.2.0)
      coffee-script-source
      execjs
    coffee-script-source (1.6.3)
    compass (0.12.2)
      chunky_png (~> 1.2)
      fssm (>= 0.2.7)
      sass (~> 3.1)
    compass-960-plugin (0.10.4)
      compass (>= 0.10.0)
    erubis (2.7.0)
    execjs (2.0.2)
    ffi (1.9.3)
    fssm (0.2.10)
    git (1.2.6)
    haml (4.0.4)
      tilt
    htmlcompressor (0.0.7)
      yui-compressor (~> 0.9.6)
    libv8 (3.11.8.17)
    listen (1.3.1)
      rb-fsevent (>= 0.9.3)
      rb-inotify (>= 0.9)
      rb-kqueue (>= 0.2)
    mime-types (1.25)
    multi_json (1.8.2)
    nokogiri (1.5.10)
    open4 (1.3.0)
    rack (1.5.2)
    rake (10.0.4)
    rb-fsevent (0.9.3)
    rb-inotify (0.9.2)
      ffi (>= 0.5.0)
    rb-kqueue (0.2.0)
      ffi (>= 0.5.0)
    rdiscount (2.0.7.3)
    rdoc (4.2.0)
    ref (1.0.5)
    rest-client (1.6.7)
      mime-types (>= 1.16)
    ruby-s3cmd (0.1.5)
    sass (3.2.12)
    therubyracer (0.11.4)
      libv8 (~> 3.11.8.12)
      ref
    tilt (1.4.1)
    uglifier (1.3.0)
      execjs (>= 0.3.0)
      multi_json (~> 1.0, >= 1.0.2)
    yard (0.8.7.3)
    yui-compressor (0.9.6)
      POpen4 (>= 0.1.4)
    zurb-foundation (4.3.2)
      sass (>= 3.2.0)

PLATFORMS
  ruby

DEPENDENCIES
  asciidoctor (~> 1.5)
  awestruct!
  bootstrap-sass (~> 2.3.2)
  coffee-script (~> 2.2)
  erubis (~> 2.7)
  git (~> 1.2)
  haml (~> 4.0)
  htmlcompressor (~> 0.0.5)
  kramdown (~> 1.0.1)
  rake (~> 10)
  rb-inotify (~> 0.9)
  rdiscount (~> 2.0.7)
  rdoc (~> 4.2)
  therubyracer (~> 0.11)
  therubyrhino (~> 2.0)
  uglifier (~> 1.3)
  yard (~> 0.8)

BUNDLED WITH
   1.10.6
